GEM
  remote: https://rubygems.org/
  specs:
    ashton (0.0.1alpha)
      opengl (~> 0.8.0.pre1)
    chingu (0.9rc9)
      gosu (>= 0.7.45)
      gosu (>= 0.7.45)
    diff-lcs (1.1.3)
    gosu (0.7.45)
    opengl (0.8.0.pre1)
    rspec (2.11.0)
      rspec-core (~> 2.11.0)
      rspec-expectations (~> 2.11.0)
      rspec-mocks (~> 2.11.0)
    rspec-core (2.11.1)
    rspec-expectations (2.11.3)
      diff-lcs (~> 1.1.3)
    rspec-mocks (2.11.3)
    texplay (0.4.3)
      gosu (>= 0.7.25)

PLATFORMS
  ruby

DEPENDENCIES
  ashton
  chingu (~> 0.9rc9)
  rspec
  texplay
