GEM
  remote: https://rubygems.org/
  specs:
    algorithms (0.5.0)
    chingu (0.9rc9)
      gosu (>= 0.7.45)
      gosu (>= 0.7.45)
    diff-lcs (1.1.3)
    gosu (0.7.45)
    modularity (0.6.1)
    nokogiri (1.5.5)
    rspec (2.12.0)
      rspec-core (~> 2.12.0)
      rspec-expectations (~> 2.12.0)
      rspec-mocks (~> 2.12.0)
    rspec-core (2.12.0)
    rspec-expectations (2.12.0)
      diff-lcs (~> 1.1.3)
    rspec-mocks (2.12.0)
    texplay (0.4.3)
      gosu (>= 0.7.25)

PLATFORMS
  ruby

DEPENDENCIES
  algorithms
  chingu (~> 0.9rc9)
  modularity
  nokogiri
  rspec
  texplay
